GEM
  remote: https://rubygems.org/
  specs:
    google-protobuf (3.19.6)
    googleapis-common-protos-types (1.3.0)
      google-protobuf (~> 3.14)
    grpc (1.41.0)
      google-protobuf (~> 3.17)
      googleapis-common-protos-types (~> 1.0)
    multi_json (1.15.0)

PLATFORMS
  ruby

DEPENDENCIES
  google-protobuf (= 3.19.6)
  grpc (= 1.41.0)
  multi_json (= 1.15.0)
